PATH
  remote: .
  specs:
    tollgate (0.1.0)
      dry-core (~> 0.4)

GEM
  remote: https://rubygems.org/
  specs:
    byebug (10.0.0)
    concurrent-ruby (1.0.5)
    diff-lcs (1.3)
    dry-core (0.4.4)
      concurrent-ruby (~> 1.0)
    rake (10.4.2)
    rspec (3.7.0)
      rspec-core (~> 3.7.0)
      rspec-expectations (~> 3.7.0)
      rspec-mocks (~> 3.7.0)
    rspec-core (3.7.1)
      rspec-support (~> 3.7.0)
    rspec-expectations (3.7.0)
      diff-lcs (>= 1.2.0, < 2.0)
      rspec-support (~> 3.7.0)
    rspec-mocks (3.7.0)
      diff-lcs (>= 1.2.0, < 2.0)
      rspec-support (~> 3.7.0)
    rspec-support (3.7.1)

PLATFORMS
  ruby

DEPENDENCIES
  bundler (~> 1.16)
  byebug (~> 10.0)
  rake (~> 10.0)
  rspec (~> 3.0)
  tollgate!

BUNDLED WITH
   1.16.1
